GEM
  remote: https://rubygems.org/
  specs:
    addressable (2.5.2)
      public_suffix (>= 2.0.2, < 4.0)
    archive-zip (0.7.0)
      io-like (~> 0.3.0)
    curses (1.2.4)
    epub-cfi (0.1.1)
    epub-parser (0.3.2)
      addressable (>= 2.3.5)
      archive-zip
      epub-cfi
      nokogiri (~> 1.6)
      rchardet (>= 1.6.1)
    io-like (0.3.0)
    mini_portile2 (2.3.0)
    nokogiri (1.8.1)
      mini_portile2 (~> 2.3.0)
    psych (3.0.2)
    public_suffix (3.0.0)
    rchardet (1.7.0)

PLATFORMS
  ruby

DEPENDENCIES
  curses (~> 1.2.4)
  epub-parser (~> 0.3.2)
  psych (~> 3.0.2)

RUBY VERSION
   ruby 2.4.2p198

BUNDLED WITH
   1.16.0
